GEM
  remote: http://rubygems.org/
  specs:
    curb (0.8.0)
    daemons (1.1.8)
    eventmachine (0.12.10)
    feed_yamlizer (0.2.1)
      htmlentities
      nokogiri
    htmlentities (4.3.1)
    nokogiri (1.5.2)
    pg (0.13.2)
    rack (1.4.1)
    rack-protection (1.2.0)
      rack
    sequel (3.34.1)
    sinatra (1.3.2)
      rack (~> 1.3, >= 1.3.6)
      rack-protection (~> 1.2)
      tilt (~> 1.3, >= 1.3.3)
    thin (1.3.1)
      daemons (>= 1.0.9)
      eventmachine (>= 0.12.6)
      rack (>= 1.0.0)
    tilt (1.3.3)
    tzinfo (0.3.33)

PLATFORMS
  ruby

DEPENDENCIES
  curb
  feed_yamlizer
  nokogiri
  pg
  sequel
  sinatra
  thin
  tzinfo
